GEM
  remote: https://rubygems.org/
  specs:
    addressable (2.3.8)
    builder (3.2.4)
    coderay (1.1.2)
    dotenv (2.7.5)
    json (1.8.6)
    jwt (1.5.6)
    method_source (1.0.0)
    mime-types (1.25.1)
    multi_json (1.14.1)
    mustermann (1.1.1)
      ruby2_keywords (~> 0.0.1)
    pry (0.13.0)
      coderay (~> 1.1)
      method_source (~> 1.0)
    rack (2.2.6.3)
    rack-protection (2.0.8.1)
      rack
    rest-client (1.6.14)
      mime-types (~> 1.16)
    ruby2_keywords (0.0.2)
    shotgun (0.9.2)
      rack (>= 1.0)
    sinatra (2.0.8.1)
      mustermann (~> 1.0)
      rack (~> 2.0)
      rack-protection (= 2.0.8.1)
      tilt (~> 2.0)
    tilt (2.0.10)
    twilio-ruby (4.2.1)
      builder (>= 2.1.2)
      jwt (~> 1.0)
      multi_json (>= 1.3.0)
    unirest (1.1.2)
      addressable (~> 2.3.5)
      json (~> 1.8.1)
      rest-client (~> 1.6.7)

PLATFORMS
  ruby

DEPENDENCIES
  dotenv
  pry
  shotgun
  sinatra
  twilio-ruby (~> 4.2.1)
  unirest

RUBY VERSION
   ruby 2.5.1p57

BUNDLED WITH
   1.17.3
